PATH
  remote: .
  specs:
    jekyll (3.0.0.pre.beta1)
      classifier-reborn (~> 2.0)
      colorator (~> 0.1)
      jekyll-coffeescript (~> 1.0)
      jekyll-gist (~> 1.0)
      jekyll-paginate (~> 1.0)
      jekyll-sass-converter (~> 1.0)
      jekyll-watch (~> 1.1)
      kramdown (~> 1.3)
      liquid (~> 3.0)
      mercenary (~> 0.3.3)
      pygments.rb (~> 0.6.0)
      redcarpet (~> 3.1)
      safe_yaml (~> 1.0)
      toml (~> 0.1.0)

GEM
  remote: https://rubygems.org/
  specs:
    activesupport (3.2.22.5)
      i18n (~> 0.6, >= 0.6.4)
      multi_json (~> 1.0)
    addressable (2.8.1)
      public_suffix (>= 2.0.2, < 6.0)
    blankslate (2.1.2.4)
    builder (3.2.4)
    classifier-reborn (2.3.0)
      fast-stemmer (~> 1.0)
      matrix (~> 0.4)
    coffee-script (2.4.1)
      coffee-script-source
      execjs
    coffee-script-source (1.12.2)
    colorator (0.1)
    concurrent-ruby (1.2.2)
    cucumber (1.3.18)
      builder (>= 2.1.2)
      diff-lcs (>= 1.1.3)
      gherkin (~> 2.12)
      multi_json (>= 1.7.5, < 2.0)
      multi_test (>= 0.1.1)
    diff-lcs (1.5.0)
    docile (1.4.0)
    execjs (2.8.1)
    faraday (2.7.4)
      faraday-net_http (>= 2.0, < 3.1)
      ruby2_keywords (>= 0.0.4)
    faraday-net_http (3.0.2)
    fast-stemmer (1.0.2)
    ffi (1.15.5)
    gherkin (2.12.2)
      multi_json (~> 1.3)
    i18n (0.9.5)
      concurrent-ruby (~> 1.0)
    jekyll-coffeescript (1.2.2)
      coffee-script (~> 2.2)
      coffee-script-source (~> 1.12)
    jekyll-gist (1.5.0)
      octokit (~> 4.2)
    jekyll-paginate (1.1.0)
    jekyll-sass-converter (1.5.2)
      sass (~> 3.4)
    jekyll-watch (1.5.1)
      listen (~> 3.0)
    jekyll_test_plugin (0.2.0)
    jekyll_test_plugin_malicious (0.2.0)
    json (1.8.6)
    kramdown (1.17.0)
    launchy (2.5.2)
      addressable (~> 2.8)
    liquid (3.0.6)
    liquid-c (0.0.3)
      liquid (~> 3.0.0)
    listen (3.8.0)
      rb-fsevent (~> 0.10, >= 0.10.3)
      rb-inotify (~> 0.9, >= 0.9.10)
    maruku (0.7.3)
    matrix (0.4.2)
    mercenary (0.3.6)
    mime-types (1.25.1)
    multi_json (1.15.0)
    multi_test (1.1.0)
    octokit (4.25.1)
      faraday (>= 1, < 3)
      sawyer (~> 0.9)
    parslet (1.5.0)
      blankslate (~> 2.0)
    posix-spawn (0.3.15)
    public_suffix (5.0.1)
    pygments.rb (0.6.3)
      posix-spawn (~> 0.3.6)
      yajl-ruby (~> 1.2.0)
    rake (10.5.0)
    rb-fsevent (0.11.2)
    rb-inotify (0.10.1)
      ffi (~> 1.0)
    rdiscount (2.2.7)
    rdoc (3.12.2)
      json (~> 1.4)
    redcarpet (3.6.0)
    redgreen (1.2.2)
    rouge (1.11.1)
    rr (1.2.1)
    ruby2_keywords (0.0.5)
    safe_yaml (1.0.5)
    sass (3.7.4)
      sass-listen (~> 4.0.0)
    sass-listen (4.0.0)
      rb-fsevent (~> 0.9, >= 0.9.4)
      rb-inotify (~> 0.9, >= 0.9.7)
    sawyer (0.9.2)
      addressable (>= 2.3.5)
      faraday (>= 0.17.3, < 3)
    shoulda (3.5.0)
      shoulda-context (~> 1.0, >= 1.0.1)
      shoulda-matchers (>= 1.4.1, < 3.0)
    shoulda-context (1.2.2)
    shoulda-matchers (2.8.0)
      activesupport (>= 3.0.0)
    simplecov (0.22.0)
      docile (~> 1.1)
      simplecov-html (~> 0.11)
      simplecov_json_formatter (~> 0.1)
    simplecov-gem-adapter (1.0.1)
      simplecov
    simplecov-html (0.12.3)
    simplecov_json_formatter (0.1.4)
    toml (0.1.2)
      parslet (~> 1.5.0)
    yajl-ruby (1.2.3)

PLATFORMS
  x86_64-linux

DEPENDENCIES
  activesupport (~> 3.2.13)
  cucumber (= 1.3.18)
  jekyll!
  jekyll_test_plugin
  jekyll_test_plugin_malicious
  launchy (~> 2.3)
  liquid-c (~> 0.0.3)
  maruku (~> 0.7.0)
  mime-types (~> 1.5)
  rake (~> 10.1)
  rdiscount (~> 2.0)
  rdoc (~> 3.11)
  redgreen (~> 1.2)
  rouge (~> 1.7)
  rr (~> 1.1)
  shoulda (~> 3.5)
  simplecov (~> 0.9)
  simplecov-gem-adapter (~> 1.0.1)

BUNDLED WITH
   2.3.5
